PATH
  remote: .
  specs:
    blankman (1.0.0)

GEM
  remote: https://rubygems.org/
  specs:
    minitest (5.13.0)
    rake (13.0.1)

PLATFORMS
  ruby

DEPENDENCIES
  blankman!
  bundler
  minitest
  rake

BUNDLED WITH
   2.1.2
